GEM
  remote: http://rubygems.org/
  specs:
    bouncy-castle-java (1.5.0146.1)
    cloudfiles (1.5.0.1)
      json
    jruby-jars (1.6.7.2)
    jruby-openssl (0.7.4)
      bouncy-castle-java
    jruby-rack (1.1.7)
    json (1.7.4)
    json (1.7.4-java)
    rake (0.9.2.2)
    rubyzip (0.9.9)
    warbler (1.3.5)
      jruby-jars (>= 1.4.0)
      jruby-rack (>= 1.0.0)
      rake (>= 0.8.7)
      rubyzip (>= 0.9.4)

PLATFORMS
  java
  ruby

DEPENDENCIES
  cloudfiles
  jruby-openssl (= 0.7.4)
  json
  rake
  warbler
