GEM
  remote: http://rubygems.org/
  specs:
    cloudfiles (1.5.0.1)
      json
    jruby-jars (1.7.1)
    jruby-rack (1.1.12)
    json (1.7.5-java)
    rake (10.0.3)
    rubyzip (0.9.9)
    warbler (1.3.6)
      jruby-jars (>= 1.4.0)
      jruby-rack (>= 1.0.0)
      rake (>= 0.8.7)
      rubyzip (>= 0.9.4)

PLATFORMS
  java

DEPENDENCIES
  cloudfiles
  json
  rake
  warbler
